GEM
  remote: http://rubygems.org/
  specs:
    rack (1.6.8)

PLATFORMS
  ruby

DEPENDENCIES
  rack

BUNDLED WITH
   1.15.3
